GIT
  remote: git://github.com/Shopify/active_merchant.git
  revision: ca9a0dee38a89c1529d0dc4028198149e1545761
  specs:
    activemerchant (1.29.3)
      active_utils (>= 1.0.2)
      activesupport (>= 2.3.14)
      builder (>= 2.0.0)
      i18n
      json (>= 1.5.1)
      money
      nokogiri

GEM
  remote: http://rubygems.org/
  specs:
    actionmailer (3.1.8)
      actionpack (= 3.1.8)
      mail (~> 2.3.3)
    actionpack (3.1.8)
      activemodel (= 3.1.8)
      activesupport (= 3.1.8)
      builder (~> 3.0.0)
      erubis (~> 2.7.0)
      i18n (~> 0.6)
      rack (~> 1.3.6)
      rack-cache (~> 1.2)
      rack-mount (~> 0.8.2)
      rack-test (~> 0.6.1)
      sprockets (~> 2.0.4)
    active_utils (1.0.5)
      activesupport (>= 2.3.11)
      i18n
    activemodel (3.1.8)
      activesupport (= 3.1.8)
      builder (~> 3.0.0)
      i18n (~> 0.6)
    activerecord (3.1.8)
      activemodel (= 3.1.8)
      activesupport (= 3.1.8)
      arel (~> 2.2.3)
      tzinfo (~> 0.3.29)
    activeresource (3.1.8)
      activemodel (= 3.1.8)
      activesupport (= 3.1.8)
    activesupport (3.1.8)
      multi_json (>= 1.0, < 1.3)
    acts-as-taggable-on (2.3.3)
      rails (~> 3.0)
    addressable (2.3.2)
    annotate (2.4.0)
    arel (2.2.3)
    aws-s3 (0.6.3)
      builder
      mime-types
      xml-simple
    aws-sdk (1.8.0)
      httparty (~> 0.7)
      json (~> 1.4)
      nokogiri (>= 1.4.4)
      uuidtools (~> 2.1)
    bcrypt-ruby (3.0.1)
    builder (3.0.4)
    capybara (2.0.2)
      mime-types (>= 1.16)
      nokogiri (>= 1.3.3)
      rack (>= 1.0.0)
      rack-test (>= 0.5.4)
      selenium-webdriver (~> 2.0)
      xpath (~> 1.0.0)
    childprocess (0.3.6)
      ffi (~> 1.0, >= 1.0.6)
    cocaine (0.4.2)
    coffee-rails (3.1.1)
      coffee-script (>= 2.2.0)
      railties (~> 3.1.0)
    coffee-script (2.2.0)
      coffee-script-source
      execjs
    coffee-script-source (1.4.0)
    columnize (0.3.6)
    debugger (1.2.4)
      columnize (>= 0.3.1)
      debugger-linecache (~> 1.1.1)
      debugger-ruby_core_source (~> 1.1.7)
    debugger-linecache (1.1.2)
      debugger-ruby_core_source (>= 1.1.1)
    debugger-ruby_core_source (1.1.7)
    diff-lcs (1.1.3)
    erubis (2.7.0)
    execjs (1.4.0)
      multi_json (~> 1.0)
    faraday (0.8.4)
      multipart-post (~> 1.1)
    ffi (1.3.0)
    hike (1.2.1)
    httparty (0.9.0)
      multi_json (~> 1.0)
      multi_xml
    httpauth (0.2.0)
    i18n (0.6.1)
    jquery-fileupload-rails (0.4.0)
      actionpack (>= 3.1)
      railties (>= 3.1)
    jquery-rails (1.0.19)
      railties (~> 3.0)
      thor (~> 0.14)
    json (1.7.6)
    libv8 (3.11.8.13)
    libwebsocket (0.1.7.1)
      addressable
      websocket
    mail (2.3.3)
      i18n (>= 0.4.0)
      mime-types (~> 1.16)
      treetop (~> 1.4.8)
    mime-types (1.19)
    mini_portile2 (2.4.0)
    money (5.1.0)
      i18n (~> 0.6.0)
    multi_json (1.2.0)
    multi_xml (0.5.1)
    multipart-post (1.1.5)
    mysql2 (0.3.11)
    nokogiri (1.10.8)
      mini_portile2 (~> 2.4.0)
    oauth (0.4.7)
    oauth2 (0.6.0)
      faraday (~> 0.7)
      httpauth (~> 0.1)
      multi_json (~> 1.0)
    paperclip (2.8.0)
      activerecord (>= 2.3.0)
      activesupport (>= 2.3.2)
      cocaine (>= 0.0.2)
      mime-types
    polyglot (0.3.3)
    rack (1.3.8)
    rack-cache (1.2)
      rack (>= 0.4)
    rack-mount (0.8.3)
      rack (>= 1.0.0)
    rack-ssl (1.3.2)
      rack
    rack-test (0.6.2)
      rack (>= 1.0)
    rails (3.1.8)
      actionmailer (= 3.1.8)
      actionpack (= 3.1.8)
      activerecord (= 3.1.8)
      activeresource (= 3.1.8)
      activesupport (= 3.1.8)
      bundler (~> 1.0)
      railties (= 3.1.8)
    rails3-jquery-autocomplete (1.0.10)
      rails (~> 3.0)
    railties (3.1.8)
      actionpack (= 3.1.8)
      activesupport (= 3.1.8)
      rack-ssl (~> 1.3.2)
      rake (>= 0.8.7)
      rdoc (~> 3.4)
      thor (~> 0.14.6)
    rake (10.0.3)
    rdoc (3.12)
      json (~> 1.4)
    ref (1.0.2)
    rspec (2.10.0)
      rspec-core (~> 2.10.0)
      rspec-expectations (~> 2.10.0)
      rspec-mocks (~> 2.10.0)
    rspec-core (2.10.1)
    rspec-expectations (2.10.0)
      diff-lcs (~> 1.1.3)
    rspec-mocks (2.10.1)
    rspec-rails (2.10.0)
      actionpack (>= 3.0)
      activesupport (>= 3.0)
      railties (>= 3.0)
      rspec (~> 2.10.0)
    rubyzip (0.9.9)
    sass (3.2.5)
    sass-rails (3.1.6)
      actionpack (~> 3.1.0)
      railties (~> 3.1.0)
      sass (>= 3.1.10)
      tilt (~> 1.3.2)
    selenium-webdriver (2.27.2)
      childprocess (>= 0.2.5)
      libwebsocket (~> 0.1.3)
      multi_json (~> 1.0)
      rubyzip
    sorcery (0.7.13)
      bcrypt-ruby (~> 3.0.0)
      oauth (~> 0.4.4)
      oauth2 (~> 0.6.0)
    spork (1.0.0rc3)
    spork-rails (3.2.1)
      rails (>= 3.0.0, < 3.3.0)
      spork (>= 1.0rc0)
    sprockets (2.0.4)
      hike (~> 1.2)
      rack (~> 1.0)
      tilt (~> 1.1, != 1.3.0)
    sqlite3 (1.3.6)
    therubyracer (0.11.1)
      libv8 (~> 3.11.8.7)
      ref
    thor (0.14.6)
    tilt (1.3.3)
    treetop (1.4.12)
      polyglot
      polyglot (>= 0.3.1)
    tzinfo (0.3.35)
    uglifier (1.3.0)
      execjs (>= 0.3.0)
      multi_json (~> 1.0, >= 1.0.2)
    uuidtools (2.1.3)
    webrat (0.7.1)
      nokogiri (>= 1.2.0)
      rack (>= 1.0)
      rack-test (>= 0.5.3)
    websocket (1.0.6)
    will_paginate (3.0.2)
    xml-simple (1.1.2)
    xpath (1.0.0)
      nokogiri (~> 1.3)

PLATFORMS
  ruby

DEPENDENCIES
  activemerchant!
  acts-as-taggable-on (~> 2.3.1)
  annotate (= 2.4.0)
  aws-s3
  aws-sdk
  capybara
  coffee-rails (~> 3.1.1)
  debugger
  execjs
  jquery-fileupload-rails
  jquery-rails (~> 1.0.18)
  mysql2
  paperclip (~> 2.3)
  rails (= 3.1.8)
  rails3-jquery-autocomplete
  rspec-rails (= 2.10.0)
  sass-rails (~> 3.1.6)
  sorcery
  spork-rails
  sqlite3
  therubyracer
  uglifier
  webrat (= 0.7.1)
  will_paginate (= 3.0.2)
